GEM
  remote: https://rubygems.org/
  specs:
    kramdown (2.5.1)
      rexml (>= 3.3.9)
    mustache (1.1.1)
    plist (3.7.2)
    rexml (3.4.1)
    sparkle_appcast (0.1.2)
      kramdown
      mustache
      plist
      thor
    thor (1.3.2)

PLATFORMS
  ruby

DEPENDENCIES
  sparkle_appcast (~> 0.1.2)

BUNDLED WITH
   1.17.2
