GEM
  remote: https://rubygems.org/
  specs:
    kramdown (2.3.1)
      rexml
    mustache (1.1.1)
    plist (3.6.0)
    rexml (3.2.5)
    sparkle_appcast (0.1.2)
      kramdown
      mustache
      plist
      thor
    thor (1.1.0)

PLATFORMS
  ruby

DEPENDENCIES
  sparkle_appcast (~> 0.1.2)

BUNDLED WITH
   1.17.2
